GEM
  remote: https://rubygems.org/
  specs:
    cane (2.6.1)
      parallel
    diff-lcs (1.2.5)
    docile (1.1.1)
    multi_json (1.8.2)
    parallel (0.9.1)
    rake (10.1.0)
    redcarpet (3.0.0)
    rspec (2.14.1)
      rspec-core (~> 2.14.0)
      rspec-expectations (~> 2.14.0)
      rspec-mocks (~> 2.14.0)
    rspec-core (2.14.7)
    rspec-expectations (2.14.4)
      diff-lcs (>= 1.1.3, < 2.0)
    rspec-mocks (2.14.4)
    rubygems-tasks (0.2.4)
    simplecov (0.8.2)
      docile (~> 1.1.0)
      multi_json
      simplecov-html (~> 0.8.0)
    simplecov-html (0.8.0)
    yard (0.8.7.3)

PLATFORMS
  ruby

DEPENDENCIES
  cane
  rake
  redcarpet
  rspec
  rubygems-tasks
  simplecov
  yard (~> 0.8)
